PATH
  remote: .
  specs:
    flash_flow (1.4.2)
      hipchat (~> 1.5)
      mail
      octokit (~> 4.1)
      percy-client
      pivotal-tracker (~> 0.5)
      ruby-graphviz (> 0)

GEM
  remote: https://rubygems.org/
  specs:
    addressable (2.4.0)
    builder (3.2.2)
    byebug (3.5.1)
      columnize (~> 0.8)
      debugger-linecache (~> 1.2)
      slop (~> 3.6)
    columnize (0.9.0)
    crack (0.4.3)
      safe_yaml (~> 1.0.0)
    debugger-linecache (1.2.0)
    domain_name (0.5.20160615)
      unf (>= 0.0.5, < 1.0.0)
    faraday (0.9.2)
      multipart-post (>= 1.2, < 3)
    hipchat (1.5.3)
      httparty
      mimemagic
    http-cookie (1.0.2)
      domain_name (~> 0.5)
    httparty (0.14.0)
      multi_xml (>= 0.5.2)
    httpclient (2.8.1)
    mail (2.6.4)
      mime-types (>= 1.16, < 4)
    mime-types (3.1)
      mime-types-data (~> 3.2015)
    mime-types-data (3.2016.0521)
    mimemagic (0.3.2)
    mini_portile2 (2.1.0)
    minitest (5.3.5)
    minitest-stub_any_instance (1.0.1)
    multi_xml (0.5.5)
    multipart-post (2.0.0)
    netrc (0.11.0)
    nokogiri (1.6.8)
      mini_portile2 (~> 2.1.0)
      pkg-config (~> 1.1.7)
    nokogiri-happymapper (0.5.9)
      nokogiri (~> 1.5)
    octokit (4.3.0)
      sawyer (~> 0.7.0, >= 0.5.3)
    percy-client (1.6.0)
      faraday (>= 0.9)
      httpclient (>= 2.6)
    pivotal-tracker (0.5.13)
      builder
      crack
      nokogiri (>= 1.5.5)
      nokogiri-happymapper (>= 0.5.4)
      rest-client (>= 1.8.0)
    pkg-config (1.1.7)
    rake (10.4.2)
    rest-client (2.0.0)
      http-cookie (>= 1.0.2, < 2.0)
      mime-types (>= 1.16, < 4.0)
      netrc (~> 0.8)
    ruby-graphviz (1.2.2)
    safe_yaml (1.0.4)
    sawyer (0.7.0)
      addressable (>= 2.3.5, < 2.5)
      faraday (~> 0.8, < 0.10)
    slop (3.6.0)
    unf (0.1.4)
      unf_ext
    unf_ext (0.0.7.2)

PLATFORMS
  ruby

DEPENDENCIES
  bundler (~> 1.6)
  byebug (> 0)
  flash_flow!
  minitest (> 0)
  minitest-stub_any_instance (> 0)
  rake (> 0)

BUNDLED WITH
   1.12.5
